GEM
  remote: https://rubygems.org/
  specs:
    concurrent-ruby (1.1.9)
    faker (2.19.0)
      i18n (>= 1.6, < 2)
    fusionauth_client (1.32.1)
    i18n (1.8.11)
      concurrent-ruby (~> 1.0)

PLATFORMS
  x86_64-darwin-20

DEPENDENCIES
  faker
  fusionauth_client

RUBY VERSION
   ruby 3.0.2p107

BUNDLED WITH
   2.2.22
